GEM
  remote: https://rubygems.org/
  specs:
    ast (2.4.2)
    dotenv (2.8.1)
    faraday (2.5.2)
      faraday-net_http (>= 2.0, < 3.1)
      ruby2_keywords (>= 0.0.4)
    faraday-net_http (3.0.0)
    httparty (0.20.0)
      mime-types (~> 3.0)
      multi_xml (>= 0.5.2)
    json (2.5.1)
    mime-types (3.4.1)
      mime-types-data (~> 3.2015)
    mime-types-data (3.2022.0105)
    multi_xml (0.6.0)
    parallel (1.20.1)
    parser (3.1.2.1)
      ast (~> 2.4.1)
    rainbow (3.0.0)
    razorpay (3.0.0)
      httparty (~> 0.14)
    regexp_parser (2.1.1)
    rexml (3.2.5)
    rubocop (1.36.0)
      json (~> 2.3)
      parallel (~> 1.10)
      parser (>= 3.1.2.1)
      rainbow (>= 2.2.2, < 4.0)
      regexp_parser (>= 1.8, < 3.0)
      rexml (>= 3.2.5, < 4.0)
      rubocop-ast (>= 1.20.1, < 2.0)
      ruby-progressbar (~> 1.7)
      unicode-display_width (>= 1.4.0, < 3.0)
    rubocop-ast (1.21.0)
      parser (>= 3.1.1.0)
    ruby-progressbar (1.11.0)
    ruby2_keywords (0.0.5)
    unicode-display_width (2.0.0)

PLATFORMS
  x86_64-linux

DEPENDENCIES
  dotenv (~> 2.8)
  faraday (~> 2.5)
  razorpay (~> 3.0)
  rubocop

BUNDLED WITH
   2.2.15
